GEM
  remote: http://rubygems.org/
  specs:
    builder (3.1.4)
    cinch (2.0.3)
    faraday (0.8.4)
      multipart-post (~> 1.1)
    httpauth (0.2.0)
    jwt (0.1.5)
      multi_json (>= 1.0)
    mime-types (1.19)
    mplayer-ruby (0.1.0)
      open4 (>= 1.0.1)
    multi_json (1.5.0)
    multipart-post (1.1.5)
    nokogiri (1.5.6)
    oauth (0.4.7)
    oauth2 (0.8.0)
      faraday (~> 0.8)
      httpauth (~> 0.1)
      jwt (~> 0.1.4)
      multi_json (~> 1.0)
      rack (~> 1.2)
    open4 (1.3.0)
    rack (1.4.3)
    rest-client (1.6.7)
      mime-types (>= 1.16)
    ruby-youtube-dl (0.0.5)
    simple_oauth (0.1.9)
    youtube_it (2.1.8)
      builder
      faraday (~> 0.8)
      nokogiri (~> 1.5.2)
      oauth (~> 0.4.4)
      oauth2 (~> 0.6)
      simple_oauth (~> 0.1.5)

PLATFORMS
  ruby

DEPENDENCIES
  cinch
  mplayer-ruby
  rest-client
  ruby-youtube-dl
  youtube_it
  vlcrc
  alchemist
  em-synchrony
