GEM
  remote: http://rubygems.org/
  specs:
    addressable (2.3.3)
    alchemist (0.1.5)
    builder (3.2.0)
    cinch (2.0.4)
    cookiejar (0.3.0)
    daemons (1.1.9)
    em-http-request (1.0.3)
      addressable (>= 2.2.3)
      cookiejar
      em-socksify
      eventmachine (>= 1.0.0.beta.4)
      http_parser.rb (>= 0.5.3)
    em-socksify (0.2.1)
      eventmachine (>= 1.0.0.beta.4)
    em-synchrony (1.0.3)
      eventmachine (>= 1.0.0.beta.1)
    em-twitter (0.2.2)
      eventmachine (~> 1.0)
      http_parser.rb (~> 0.5)
      simple_oauth (~> 0.1)
    ethon (0.5.10)
      ffi (~> 1.3.0)
      mime-types (~> 1.18)
    eventmachine (1.0.3)
    faraday (0.8.7)
      multipart-post (~> 1.1)
    ffi (1.3.1)
    goospell (0.0.3)
      rexml-expansion-fix
      to_xml
    http_parser.rb (0.5.3)
    httpauth (0.2.0)
    jwt (0.1.8)
      multi_json (>= 1.5)
    mime-types (1.22)
    mplayer-ruby (0.1.0)
      open4 (>= 1.0.1)
    multi_json (1.7.2)
    multi_xml (0.5.3)
    multipart-post (1.2.0)
    nokogiri (1.5.9)
    oauth (0.4.7)
    oauth2 (0.9.1)
      faraday (~> 0.8)
      httpauth (~> 0.1)
      jwt (~> 0.1.4)
      multi_json (~> 1.0)
      multi_xml (~> 0.5)
      rack (~> 1.2)
    open4 (1.3.0)
    rack (1.5.2)
    rest-client (1.6.7)
      mime-types (>= 1.16)
    rexml-expansion-fix (1.0.1)
    ruby-mpd (0.2.1)
    ruby-youtube-dl (0.0.7)
    simple_oauth (0.2.0)
    to_xml (0.1.1)
    trollop (1.16.2)
    tweetstream (2.5.0)
      daemons (~> 1.1)
      em-http-request (~> 1.0.2)
      em-twitter (~> 0.2)
      twitter (~> 4.5)
      yajl-ruby (~> 1.1)
    twitter (4.6.2)
      faraday (~> 0.8, < 0.10)
      multi_json (~> 1.0)
      simple_oauth (~> 0.2)
    typhoeus (0.6.2)
      ethon (~> 0.5.10)
    vlcrc (0.2.0)
      trollop (~> 1.16.2)
    yajl-ruby (1.1.0)
    youtube_it (2.1.13)
      builder
      faraday (~> 0.8)
      nokogiri (~> 1.5.2)
      oauth (~> 0.4.4)
      oauth2 (~> 0.6)
      simple_oauth (>= 0.1.5)

PLATFORMS
  ruby

DEPENDENCIES
  alchemist
  cinch
  em-synchrony
  goospell
  mplayer-ruby
  nokogiri
  rest-client
  ruby-mpd
  ruby-youtube-dl
  tweetstream
  twitter
  typhoeus
  vlcrc
  youtube_it
